GEM
  remote: https://rubygems.org/
  specs:
    activesupport (3.2.3)
      i18n (~> 0.6)
      multi_json (~> 1.0)
    awesome_print (1.0.2)
    faraday (0.8.0)
      multipart-post (~> 1.1)
    i18n (0.6.0)
    multi_json (1.3.5)
    multipart-post (1.1.5)
    simple_oauth (0.1.8)
    twitter (2.3.0)
      activesupport (>= 2.3.9, < 4)
      faraday (~> 0.8)
      multi_json (~> 1.3)
      simple_oauth (~> 0.1.6)

PLATFORMS
  ruby

DEPENDENCIES
  awesome_print
  twitter
