PATH
  remote: ./gem
  specs:
    high-dawn (0.17.0)
      activesupport
      awesome_print
      redis (= 3.0.0)
      twitter

GEM
  remote: https://rubygems.org/
  specs:
    activesupport (3.2.8)
      i18n (~> 0.6)
      multi_json (~> 1.0)
    awesome_print (1.0.2)
    faraday (0.8.1)
      multipart-post (~> 1.1)
    i18n (0.6.0)
    multi_json (1.3.6)
    multipart-post (1.1.5)
    redis (3.0.0)
    simple_oauth (0.1.9)
    twitter (3.4.1)
      faraday (~> 0.8)
      multi_json (~> 1.3)
      simple_oauth (~> 0.1.6)

PLATFORMS
  ruby

DEPENDENCIES
  high-dawn!
  redis
  twitter
