PATH
  remote: ../gem
  specs:
    high-dawn (0.17.0)
      activesupport
      awesome_print
      redis (= 3.0.0)
      twitter

GEM
  remote: https://rubygems.org/
  specs:
    activemodel (3.2.8)
      activesupport (= 3.2.8)
      builder (~> 3.0.0)
    activerecord (3.2.8)
      activemodel (= 3.2.8)
      activesupport (= 3.2.8)
      arel (~> 3.0.2)
      tzinfo (~> 0.3.29)
    activesupport (3.2.8)
      i18n (~> 0.6)
      multi_json (~> 1.0)
    addressable (2.3.2)
    arel (3.0.2)
    awesome_print (1.0.2)
    builder (3.0.0)
    cookiejar (0.3.0)
    daemons (1.1.8)
    em-http-request (1.0.2)
      addressable (>= 2.2.3)
      cookiejar
      em-socksify
      eventmachine (>= 1.0.0.beta.4)
      http_parser.rb (>= 0.5.3)
    em-socksify (0.2.0)
      eventmachine (>= 1.0.0.beta.4)
    em-twitter (0.1.4)
      eventmachine (>= 1.0.0.beta.4)
      http_parser.rb (~> 0.5)
      simple_oauth (~> 0.1)
    eventmachine (1.0.0.rc.4)
    faraday (0.8.1)
      multipart-post (~> 1.1)
    http_parser.rb (0.5.3)
    i18n (0.6.0)
    multi_json (1.3.6)
    multipart-post (1.1.5)
    pg (0.14.0)
    rack (1.4.1)
    rack-protection (1.2.0)
      rack
    redis (3.0.0)
    redis-namespace (1.2.0)
      redis (~> 3.0.0)
    resque (1.21.0)
      multi_json (~> 1.0)
      redis-namespace (~> 1.0)
      sinatra (>= 0.9.2)
      vegas (~> 0.1.2)
    simple_oauth (0.1.9)
    sinatra (1.3.2)
      rack (~> 1.3, >= 1.3.6)
      rack-protection (~> 1.2)
      tilt (~> 1.3, >= 1.3.3)
    tilt (1.3.3)
    tweetstream (2.1.0)
      daemons (~> 1.1)
      em-http-request (~> 1.0.2)
      em-twitter (~> 0.1)
      multi_json (~> 1.3)
      twitter (~> 3.2)
    twitter (3.5.0)
      faraday (~> 0.8)
      multi_json (~> 1.3)
      simple_oauth (~> 0.1.6)
    tzinfo (0.3.33)
    vegas (0.1.11)
      rack (>= 1.0.0)

PLATFORMS
  ruby

DEPENDENCIES
  activerecord
  high-dawn!
  pg
  resque
  tweetstream
